GEM
  remote: https://rubygems.org/
  specs:
    activesupport (5.0.0.1)
      concurrent-ruby (~> 1.0, >= 1.0.2)
      i18n (~> 0.7)
      minitest (~> 5.1)
      tzinfo (~> 1.1)
    addressable (2.4.0)
    amq-protocol (2.0.1)
    bogus (0.1.6)
      dependor (>= 0.0.4)
    bunny (2.6.0)
      amq-protocol (>= 2.0.1)
    byebug (9.0.6)
    codeclimate-test-reporter (0.6.0)
      simplecov (>= 0.7.1, < 1.0.0)
    concurrent-ruby (1.0.2)
    dependor (1.0.1)
    diff-lcs (1.2.5)
    docile (1.1.5)
    factory_girl (4.7.0)
      activesupport (>= 3.0.0)
    faraday (0.9.2)
      multipart-post (>= 1.2, < 3)
    google-api-client (0.9.18)
      addressable (~> 2.3)
      googleauth (~> 0.5)
      httpclient (~> 2.7)
      hurley (~> 0.1)
      memoist (~> 0.11)
      mime-types (>= 1.6)
      representable (~> 2.3.0)
      retriable (~> 2.0)
    googleauth (0.5.1)
      faraday (~> 0.9)
      jwt (~> 1.4)
      logging (~> 2.0)
      memoist (~> 0.12)
      multi_json (~> 1.11)
      os (~> 0.9)
      signet (~> 0.7)
    gorg_message_sender (1.4.1)
      bunny (~> 2.2, >= 2.2.2)
      json-schema (~> 2.6)
    gorg_service (4.1.0)
      bunny (~> 2.2, >= 2.2.2)
      gorg_message_sender (~> 1)
      json-schema (~> 2.6)
    httpclient (2.8.2.4)
    hurley (0.2)
    i18n (0.7.0)
    json (2.0.2)
    json-schema (2.7.0)
      addressable (>= 2.4)
    jwt (1.5.6)
    little-plugger (1.1.4)
    logging (2.1.0)
      little-plugger (~> 1.1)
      multi_json (~> 1.10)
    memoist (0.15.0)
    mime-types (3.1)
      mime-types-data (~> 3.2015)
    mime-types-data (3.2016.0521)
    minitest (5.9.1)
    multi_json (1.12.1)
    multipart-post (2.0.0)
    os (0.9.6)
    redis (3.3.1)
    representable (2.3.0)
      uber (~> 0.0.7)
    retriable (2.1.0)
    rspec (3.5.0)
      rspec-core (~> 3.5.0)
      rspec-expectations (~> 3.5.0)
      rspec-mocks (~> 3.5.0)
    rspec-collection_matchers (1.1.2)
      rspec-expectations (>= 2.99.0.beta1)
    rspec-core (3.5.4)
      rspec-support (~> 3.5.0)
    rspec-expectations (3.5.0)
      diff-lcs (>= 1.2.0, < 2.0)
      rspec-support (~> 3.5.0)
    rspec-mocks (3.5.0)
      diff-lcs (>= 1.2.0, < 2.0)
      rspec-support (~> 3.5.0)
    rspec-support (3.5.0)
    signet (0.7.3)
      addressable (~> 2.3)
      faraday (~> 0.9)
      jwt (~> 1.5)
      multi_json (~> 1.10)
    simplecov (0.12.0)
      docile (~> 1.1.0)
      json (>= 1.8, < 3)
      simplecov-html (~> 0.10.0)
    simplecov-html (0.10.0)
    thread_safe (0.3.5)
    tzinfo (1.2.2)
      thread_safe (~> 0.1)
    uber (0.0.15)

PLATFORMS
  ruby

DEPENDENCIES
  bogus
  byebug
  codeclimate-test-reporter
  factory_girl (~> 4.0)
  google-api-client
  googleauth
  gorg_message_sender
  gorg_service
  redis (~> 3.2)
  rspec
  rspec-collection_matchers

BUNDLED WITH
   1.12.5
